GEM
  remote: http://ruby.taobao.org/
  specs:
    actionmailer (3.2.16)
      actionpack (= 3.2.16)
      mail (~> 2.5.4)
    actionpack (3.2.16)
      activemodel (= 3.2.16)
      activesupport (= 3.2.16)
      builder (~> 3.0.0)
      erubis (~> 2.7.0)
      journey (~> 1.0.4)
      rack (~> 1.4.5)
      rack-cache (~> 1.2)
      rack-test (~> 0.6.1)
      sprockets (~> 2.2.1)
    activemodel (3.2.16)
      activesupport (= 3.2.16)
      builder (~> 3.0.0)
    activerecord (3.2.16)
      activemodel (= 3.2.16)
      activesupport (= 3.2.16)
      arel (~> 3.0.2)
      tzinfo (~> 0.3.29)
    activeresource (3.2.16)
      activemodel (= 3.2.16)
      activesupport (= 3.2.16)
    activesupport (3.2.16)
      i18n (~> 0.6, >= 0.6.4)
      multi_json (~> 1.0)
    acts-as-taggable-on (2.4.1)
      rails (>= 3, < 5)
    acts_as_commentable_with_threading (1.1.3)
      activerecord (>= 3.0)
      activesupport (~> 3.0)
      awesome_nested_set (>= 2.0)
    addressable (2.3.5)
    anemone (0.7.2)
      nokogiri (>= 1.3.0)
      robotex (>= 1.0.0)
    angularjs-rails (1.2.5)
    arel (3.0.3)
    atomic (1.1.14)
    awesome_nested_set (2.1.6)
      activerecord (>= 3.0.0)
    bcrypt-ruby (3.1.2)
    bootstrap-sass (2.1.0.1)
    breadcrumbs (0.1.6)
      i18n
    builder (3.0.4)
    cancan (1.6.10)
    capistrano (2.15.5)
      highline
      net-scp (>= 1.0.0)
      net-sftp (>= 2.0.0)
      net-ssh (>= 2.0.14)
      net-ssh-gateway (>= 1.1.0)
    capistrano-ext (1.2.1)
      capistrano (>= 1.0.0)
    capistrano-helpers (0.7.1)
      capistrano
      git
      tinder
    capistrano-recipes (0.8.0)
      capistrano (>= 2.5.9)
      capistrano-ext (>= 1.2.1)
    capistrano-resque (0.1.0)
      capistrano
      resque
      resque-scheduler
    celluloid (0.15.2)
      timers (~> 1.1.0)
    coderay (1.1.0)
    coffee-rails (3.2.2)
      coffee-script (>= 2.2.0)
      railties (~> 3.2.0)
    coffee-script (2.2.0)
      coffee-script-source
      execjs
    coffee-script-source (1.6.3)
    daemons (1.1.9)
    devise (3.2.1)
      bcrypt-ruby (~> 3.0)
      orm_adapter (~> 0.1)
      railties (>= 3.2.6, < 5)
      thread_safe (~> 0.1)
      warden (~> 1.2.3)
    devise-i18n (0.10.2)
    diff-lcs (1.2.5)
    em-websocket (0.5.0)
      eventmachine (>= 0.12.9)
      http_parser.rb (~> 0.5.3)
    email_spec (1.5.0)
      launchy (~> 2.1)
      mail (~> 2.2)
    erubis (2.7.0)
    ethon (0.6.2)
      ffi (>= 1.3.0)
      mime-types (~> 1.18)
    eventmachine (1.0.3)
    execjs (2.0.2)
    factory_girl (4.3.0)
      activesupport (>= 3.0.0)
    factory_girl_rails (4.3.0)
      factory_girl (~> 4.3.0)
      railties (>= 3.0.0)
    faraday (0.8.8)
      multipart-post (~> 1.2.0)
    faraday_middleware (0.9.0)
      faraday (>= 0.7.4, < 0.9)
    ffi (1.9.3)
    font-awesome-sass-rails (3.0.2.2)
      railties (>= 3.1.1)
      sass-rails (>= 3.1.1)
    formatador (0.2.4)
    git (1.2.6)
    god (0.13.3)
    guard (2.2.5)
      formatador (>= 0.2.4)
      listen (~> 2.1)
      lumberjack (~> 1.0)
      pry (>= 0.9.12)
      thor (>= 0.18.1)
    guard-bundler (2.0.0)
      bundler (~> 1.0)
      guard (~> 2.2)
    guard-livereload (2.1.0)
      em-websocket (~> 0.5)
      guard (~> 2.0)
      multi_json (~> 1.8)
    guard-rails (0.4.7)
      guard (>= 0.2.2)
    guard-rspec (4.2.0)
      guard (>= 2.1.1)
      rspec (>= 2.14, < 4.0)
    haml (3.1.8)
    haml-rails (0.4)
      actionpack (>= 3.1, < 4.1)
      activesupport (>= 3.1, < 4.1)
      haml (>= 3.1, < 4.1)
      railties (>= 3.1, < 4.1)
    hashie (2.0.5)
    highline (1.6.20)
    hike (1.2.3)
    htmlentities (4.3.1)
    http_parser.rb (0.5.3)
    i18n (0.6.9)
    journey (1.0.4)
    jquery-rails (2.1.3)
      railties (>= 3.1.0, < 5.0)
      thor (~> 0.14)
    jquery-ui-rails (3.0.1)
      jquery-rails
      railties (>= 3.1.0)
    json (1.8.1)
    kaminari (0.15.0)
      actionpack (>= 3.0.0)
      activesupport (>= 3.0.0)
    kgio (2.8.1)
    launchy (2.4.2)
      addressable (~> 2.3)
    libnotify (0.8.2)
      ffi (>= 1.0.11)
    listen (2.4.0)
      celluloid (>= 0.15.2)
      rb-fsevent (>= 0.9.3)
      rb-inotify (>= 0.9)
    lumberjack (1.0.4)
    mail (2.5.4)
      mime-types (~> 1.16)
      treetop (~> 1.4.8)
    method_source (0.8.2)
    mime-types (1.25.1)
    mini_portile (0.5.2)
    mono_logger (1.1.0)
    multi_json (1.8.2)
    multipart-post (1.2.0)
    mysql2 (0.3.14)
    nest (1.1.2)
      redis
    nested_form (0.3.2)
    net-scp (1.1.2)
      net-ssh (>= 2.6.5)
    net-sftp (2.1.2)
      net-ssh (>= 2.6.5)
    net-ssh (2.7.0)
    net-ssh-gateway (1.2.0)
      net-ssh (>= 2.6.5)
    nokogiri (1.6.1)
      mini_portile (~> 0.5.0)
    ohm (1.3.2)
      nest (~> 1.0)
      redis
      scrivener (~> 0.0.3)
    open_taobao (0.2.2)
      faraday
      multi_json
    orm_adapter (0.5.0)
    polyglot (0.3.3)
    pry (0.9.12.4)
      coderay (~> 1.0)
      method_source (~> 0.8)
      slop (~> 3.4)
    rack (1.4.5)
    rack-cache (1.2)
      rack (>= 0.4)
    rack-pjax (0.7.0)
      nokogiri (~> 1.5)
      rack (~> 1.3)
    rack-protection (1.5.1)
      rack
    rack-ssl (1.3.3)
      rack
    rack-test (0.6.2)
      rack (>= 1.0)
    rails (3.2.16)
      actionmailer (= 3.2.16)
      actionpack (= 3.2.16)
      activerecord (= 3.2.16)
      activeresource (= 3.2.16)
      activesupport (= 3.2.16)
      bundler (~> 1.0)
      railties (= 3.2.16)
    rails-i18n (3.0.0)
      i18n (~> 0.5)
      rails (>= 3.0.0, < 4.0.0)
    rails_admin (0.4.2)
      bootstrap-sass (~> 2.1)
      builder (~> 3.0)
      coffee-rails (~> 3.1)
      font-awesome-sass-rails (~> 3.0, >= 3.0.0.1)
      haml (~> 3.1)
      jquery-rails (~> 2.1)
      jquery-ui-rails (~> 3.0)
      kaminari (~> 0.14)
      nested_form (~> 0.2)
      rack-pjax (~> 0.6)
      rails (~> 3.1)
      remotipart (~> 1.0)
      sass-rails (~> 3.1)
    railties (3.2.16)
      actionpack (= 3.2.16)
      activesupport (= 3.2.16)
      rack-ssl (~> 1.3.2)
      rake (>= 0.8.7)
      rdoc (~> 3.4)
      thor (>= 0.14.6, < 2.0)
    raindrops (0.12.0)
    rake (10.1.1)
    rb-fsevent (0.9.3)
    rb-inotify (0.9.3)
      ffi (>= 0.5.0)
    rdoc (3.12.2)
      json (~> 1.4)
    redis (3.0.6)
    redis-actionpack (3.2.4)
      actionpack (~> 3.2.0)
      redis-rack (~> 1.4.4)
      redis-store (~> 1.1.4)
    redis-activesupport (3.2.5)
      activesupport (~> 3.2.0)
      redis-store (~> 1.1.0)
    redis-namespace (1.4.1)
      redis (~> 3.0.4)
    redis-objects (0.8.0)
      redis (>= 3.0.2)
    redis-rack (1.4.4)
      rack (~> 1.4.0)
      redis-store (~> 1.1.4)
    redis-rails (3.2.4)
      redis-actionpack (~> 3.2.4)
      redis-activesupport (~> 3.2.4)
      redis-store (~> 1.1.4)
    redis-store (1.1.4)
      redis (>= 2.2)
    remotipart (1.2.1)
    resque (1.25.1)
      mono_logger (~> 1.0)
      multi_json (~> 1.0)
      redis-namespace (~> 1.2)
      sinatra (>= 0.9.2)
      vegas (~> 0.1.2)
    resque-cleaner (0.2.12)
      resque (~> 1.0)
    resque-ensure-connected (0.2.0)
      activerecord (>= 2.3.5)
      resque (>= 1.10.0)
    resque-lock-timeout (0.4.1)
      resque (>= 1.8.0)
    resque-pool (0.3.0)
      rake
      resque (~> 1.20)
      trollop (~> 1.16)
    resque-retry (1.0.0)
      resque (>= 1.10.0)
      resque-scheduler (>= 1.9.9)
    resque-scheduler (2.3.1)
      redis (>= 3.0.0)
      resque (~> 1.25)
      rufus-scheduler (~> 2.0)
    riddle (1.5.9)
    robotex (1.0.0)
    rolify (3.2.0)
    rspec (2.14.1)
      rspec-core (~> 2.14.0)
      rspec-expectations (~> 2.14.0)
      rspec-mocks (~> 2.14.0)
    rspec-core (2.14.7)
    rspec-expectations (2.14.4)
      diff-lcs (>= 1.1.3, < 2.0)
    rspec-mocks (2.14.4)
    rspec-rails (2.14.0)
      actionpack (>= 3.0)
      activesupport (>= 3.0)
      railties (>= 3.0)
      rspec-core (~> 2.14.0)
      rspec-expectations (~> 2.14.0)
      rspec-mocks (~> 2.14.0)
    rufus-scheduler (2.0.24)
      tzinfo (>= 0.3.22)
    sass (3.2.13)
    sass-rails (3.2.6)
      railties (~> 3.2.0)
      sass (>= 3.1.10)
      tilt (~> 1.3)
    scrivener (0.0.3)
    simple_form (2.1.1)
      actionpack (~> 3.0)
      activemodel (~> 3.0)
    simple_oauth (0.1.9)
    sinatra (1.4.4)
      rack (~> 1.4)
      rack-protection (~> 1.4)
      tilt (~> 1.3, >= 1.3.4)
    slop (3.4.7)
    sprockets (2.2.2)
      hike (~> 1.2)
      multi_json (~> 1.0)
      rack (~> 1.0)
      tilt (~> 1.1, != 1.3.0)
    stringex (2.1.2)
    thin (1.6.1)
      daemons (>= 1.0.9)
      eventmachine (>= 1.0.0)
      rack (>= 1.0.0)
    thinking-sphinx (2.0.13)
      activerecord (>= 3.0.3)
      builder (>= 2.1.2)
      riddle (>= 1.5.3)
    thor (0.18.1)
    thread_safe (0.1.3)
      atomic
    tilt (1.4.1)
    timers (1.1.0)
    tinder (1.9.3)
      eventmachine (~> 1.0)
      faraday (~> 0.8)
      faraday_middleware (~> 0.9)
      hashie (>= 1.0, < 3)
      json (~> 1.8.0)
      mime-types (~> 1.19)
      multi_json (~> 1.7)
      twitter-stream (~> 0.1)
    treetop (1.4.15)
      polyglot
      polyglot (>= 0.3.1)
    trollop (1.16.2)
    ts-resque-delta (1.2.4)
      resque (~> 1.10)
      resque-lock-timeout (~> 0.4)
      riddle (>= 1.5)
      thinking-sphinx (>= 1.4.1)
    twitter-stream (0.1.16)
      eventmachine (>= 0.12.8)
      http_parser.rb (~> 0.5.1)
      simple_oauth (~> 0.1.4)
    typhoeus (0.6.7)
      ethon (~> 0.6.2)
    tzinfo (0.3.38)
    uglifier (2.4.0)
      execjs (>= 0.3.0)
      json (>= 1.8.0)
    unicorn (4.7.0)
      kgio (~> 2.6)
      rack
      raindrops (~> 0.7)
    vegas (0.1.11)
      rack (>= 1.0.0)
    warden (1.2.3)
      rack (>= 1.0)

PLATFORMS
  ruby

DEPENDENCIES
  acts-as-taggable-on
  acts_as_commentable_with_threading
  anemone
  angularjs-rails
  awesome_nested_set
  bootstrap-sass (~> 2.1.0.0)
  breadcrumbs
  cancan (>= 1.6.7)
  capistrano (~> 2.15.5)
  capistrano-helpers
  capistrano-recipes
  capistrano-resque
  coffee-rails
  devise (>= 2.1.0.rc)
  devise-i18n
  email_spec
  execjs
  factory_girl_rails (>= 3.2.0)
  god
  guard
  guard-bundler
  guard-livereload
  guard-rails
  guard-rspec
  haml (>= 3.1.4)
  haml-rails (>= 0.3.4)
  htmlentities
  jquery-rails (= 2.1.3)
  jquery-ui-rails
  kaminari
  libnotify
  mysql2
  nokogiri
  ohm
  open_taobao
  rails (= 3.2.16)
  rails-i18n
  rails_admin
  rb-inotify
  redis
  redis-objects
  redis-rails
  resque
  resque-cleaner
  resque-ensure-connected
  resque-pool
  resque-retry
  resque-scheduler
  rolify (>= 3.1.0)
  rspec-rails
  sass-rails
  simple_form
  stringex
  thin
  thinking-sphinx (= 2.0.13)
  ts-resque-delta (~> 1.2.2)
  typhoeus
  uglifier (>= 1.0.3)
  unicorn
